GEM
  remote: https://rubygems.org/
  specs:
    minitest (5.16.3)

PLATFORMS
  ruby

DEPENDENCIES
  minitest

RUBY VERSION
   ruby 2.7.2p137

BUNDLED WITH
   2.1.4
